GEM
  remote: https://rubygems.org/
  specs:
    awesome_print_motion (0.1.0)
    motion-layout (0.0.2)
    rake (10.0.3)

PLATFORMS
  ruby

DEPENDENCIES
  awesome_print_motion
  motion-layout
  rake

BUNDLED WITH
   2.1.4
